ObjectType = Image
NDims = 3
BinaryData = True
BinaryDataByteOrderMSB = False
CompressedData = False
TransformMatrix = 1 0 0 0 1 0 0 0 1
Offset = 0 0 0
CenterOfRotation = 0 0 0
AnatomicalOrientation = RPI
ElementSpacing = 0.97656 0.97656 2
DimSize = 482 360 141
ElementType = MET_UCHAR
ElementDataFile = 80-air-body-lungs.raw
